PATH
  remote: .
  specs:
    cabin-web (0.0.1)
      cabin
      ftw (~> 0.0.10)
      haml
      json
      sinatra

GEM
  remote: http://rubygems.org/
  specs:
    addressable (2.2.6)
    backports (2.3.0)
    cabin (0.4.4)
      json
    ftw (0.0.10)
      addressable (= 2.2.6)
      backports (= 2.3.0)
      cabin (> 0)
      http_parser.rb (= 0.5.3)
      json (= 1.6.5)
      minitest (> 0)
    haml (3.1.4)
    http_parser.rb (0.5.3-java)
    json (1.6.5-java)
    minitest (2.11.4)
    rack (1.4.1)
    rack-protection (1.2.0)
      rack
    sinatra (1.3.2)
      rack (~> 1.3, >= 1.3.6)
      rack-protection (~> 1.2)
      tilt (~> 1.3, >= 1.3.3)
    tilt (1.3.3)

PLATFORMS
  java
  ruby

DEPENDENCIES
  cabin-web!
